GEM
  remote: https://rubygems.org/
  specs:
    json (2.6.3)
    mustermann (2.0.2)
      ruby2_keywords (~> 0.0.1)
    nio4r (2.5.9)
    puma (6.4.0)
      nio4r (~> 2.0)
    rack (2.2.8)
    rack-protection (2.2.4)
      rack
    ruby2_keywords (0.0.5)
    sinatra (2.2.4)
      mustermann (~> 2.0)
      rack (~> 2.2)
      rack-protection (= 2.2.4)
      tilt (~> 2.0)
    sqlite3 (1.6.1-arm64-darwin)
    tilt (2.0.11)

PLATFORMS
  arm64-darwin-22

DEPENDENCIES
  json
  puma
  sinatra
  sqlite3

BUNDLED WITH
   2.4.12
